GEM
  remote: http://rubygems.org/
  specs:
    dalli (1.0.0)
    diff-lcs (1.1.2)
    nokogiri (1.4.4)
    rack (1.2.1)
    rspec (2.1.0)
      rspec-core (~> 2.1.0)
      rspec-expectations (~> 2.1.0)
      rspec-mocks (~> 2.1.0)
    rspec-core (2.1.0)
    rspec-expectations (2.1.0)
      diff-lcs (~> 1.1.2)
    rspec-mocks (2.1.0)

PLATFORMS
  ruby

DEPENDENCIES
  dalli (= 1.0.0)
  nokogiri (= 1.4.4)
  rack (= 1.2.1)
  rspec (= 2.1.0)
