GEM
  remote: http://rubygems.org/
  specs:
    diff-lcs (1.1.2)
    memcached (1.0.2)
    mime-types (1.16)
    nokogiri (1.4.4)
    rack (1.2.1)
    rspec (2.1.0)
      rspec-core (~> 2.1.0)
      rspec-expectations (~> 2.1.0)
      rspec-mocks (~> 2.1.0)
    rspec-core (2.1.0)
    rspec-expectations (2.1.0)
      diff-lcs (~> 1.1.2)
    rspec-mocks (2.1.0)

PLATFORMS
  ruby

DEPENDENCIES
  memcached (= 1.0.2)
  mime-types (= 1.16)
  nokogiri (= 1.4.4)
  rack (= 1.2.1)
  rspec (= 2.1.0)
