GEM
  remote: http://rubygems.org/
  specs:
    diff-lcs (1.1.2)
    nokogiri (1.4.4)
    rack (1.2.1)
    rspec (2.1.0)
      rspec-core (~> 2.1.0)
      rspec-expectations (~> 2.1.0)
      rspec-mocks (~> 2.1.0)
    rspec-core (2.1.0)
    rspec-expectations (2.1.0)
      diff-lcs (~> 1.1.2)
    rspec-mocks (2.1.0)
    sequel (3.17.0)
    sqlite3-ruby (1.3.2)

PLATFORMS
  ruby

DEPENDENCIES
  nokogiri (= 1.4.4)
  rack (= 1.2.1)
  rspec (= 2.1.0)
  sequel (= 3.17.0)
  sqlite3-ruby (>= 1.3.2)
